PATH
  remote: .
  specs:
    simple_cache_rs (0.11.1)
      expectation
      micro_sql
      redis
      redis-namespace

GEM
  remote: http://rubygems.org/
  specs:
    archive-tar-minitar (0.5.2)
    columnize (0.3.6)
    dalli (2.6.2)
    expectation (0.3.1)
    json (1.8.0)
    kgio (2.8.0)
    linecache19 (0.5.12)
      ruby_core_source (>= 0.1.4)
    micro_sql (0.4.3)
    multi_json (1.7.7)
    pg (0.15.1)
    rake (10.1.0)
    rdoc (4.0.1)
      json (~> 1.4)
    redis (3.0.4)
    redis-namespace (1.3.0)
      redis (~> 3.0.0)
    ruby-debug-base19 (0.11.25)
      columnize (>= 0.3.1)
      linecache19 (>= 0.5.11)
      ruby_core_source (>= 0.1.4)
    ruby-debug19 (0.11.6)
      columnize (>= 0.3.1)
      linecache19 (>= 0.5.11)
      ruby-debug-base19 (>= 0.11.19)
    ruby_core_source (0.1.5)
      archive-tar-minitar (>= 0.5.2)
    simplecov (0.7.1)
      multi_json (~> 1.0)
      simplecov-html (~> 0.7.1)
    simplecov-html (0.7.1)
    sqlite3 (1.3.7)
    test-unit (2.5.5)
    timecop (0.6.1)

PLATFORMS
  ruby

DEPENDENCIES
  dalli
  kgio
  pg
  rake
  rdoc
  ruby-debug19
  simple_cache_rs!
  simplecov
  sqlite3
  test-unit
  timecop
